PATH
  remote: .
  specs:
    toy_robot (0.1.0)

GEM
  remote: https://rubygems.org/
  specs:
    rake (13.0.3)

PLATFORMS
  x64-mingw32

DEPENDENCIES
  rake (~> 13.0)
  toy_robot!

BUNDLED WITH
   2.2.3
